GEM
  remote: https://rubygems.org/
  specs:
    bourbon (4.2.3)
      sass (~> 3.4)
      thor
    chunky_png (1.3.4)
    compass (1.0.3)
      chunky_png (~> 1.2)
      compass-core (~> 1.0.2)
      compass-import-once (~> 1.0.5)
      rb-fsevent (>= 0.9.3)
      rb-inotify (>= 0.9)
      sass (>= 3.3.13, < 3.5)
    compass-core (1.0.3)
      multi_json (~> 1.0)
      sass (>= 3.3.0, < 3.5)
    compass-import-once (1.0.5)
      sass (>= 3.2, < 3.5)
    ffi (1.9.10)
    ffi (1.9.10-x86-mingw32)
    multi_json (1.11.2)
    neat (1.7.2)
      bourbon (>= 4.0)
      sass (>= 3.3)
    rainbow (2.0.0)
    rb-fsevent (0.9.5)
    rb-inotify (0.9.5)
      ffi (>= 0.5.0)
    sass (3.4.16)
    scss_lint (0.40.1)
      rainbow (~> 2.0)
      sass (~> 3.4.1)
    thor (0.19.1)

PLATFORMS
  ruby
  x86-mingw32

DEPENDENCIES
  bourbon
  compass
  neat
  sass
  scss_lint (~> 0.40.1)

BUNDLED WITH
   1.10.6
